GEM
  remote: http://rubygems.org/
  specs:
    activemodel (3.2.6)
      activesupport (= 3.2.6)
      builder (~> 3.0.0)
    activeresource (3.2.6)
      activemodel (= 3.2.6)
      activesupport (= 3.2.6)
    activesupport (3.2.6)
      i18n (~> 0.6)
      multi_json (~> 1.0)
    addressable (2.2.8)
    builder (3.0.0)
    cobregratis (0.3.0)
      activeresource (>= 2.1)
      activeresource (>= 2.1)
      activesupport (>= 2.1)
      activesupport (>= 2.1)
    daemons (1.1.8)
    diff-lcs (1.1.3)
    eventmachine (0.12.10)
    excon (0.14.2)
    fakeweb (1.3.0)
    heroku (2.28.7)
      heroku-api (~> 0.2.6)
      launchy (>= 0.3.2)
      netrc (~> 0.7.5)
      rest-client (~> 1.6.1)
      rubyzip
    heroku-api (0.2.6)
      excon (~> 0.14.0)
    i18n (0.6.0)
    launchy (2.1.0)
      addressable (~> 2.2.6)
    mime-types (1.19)
    multi_json (1.3.6)
    netrc (0.7.5)
    rack (1.4.1)
    rack-protection (1.2.0)
      rack
    rack-test (0.6.1)
      rack (>= 1.0)
    rest-client (1.6.7)
      mime-types (>= 1.16)
    rspec (2.10.0)
      rspec-core (~> 2.10.0)
      rspec-expectations (~> 2.10.0)
      rspec-mocks (~> 2.10.0)
    rspec-core (2.10.1)
    rspec-expectations (2.10.0)
      diff-lcs (~> 1.1.3)
    rspec-mocks (2.10.1)
    rubyzip (0.9.9)
    shotgun (0.9)
      rack (>= 1.0)
    sinatra (1.3.2)
      rack (~> 1.3, >= 1.3.6)
      rack-protection (~> 1.2)
      tilt (~> 1.3, >= 1.3.3)
    thin (1.3.1)
      daemons (>= 1.0.9)
      eventmachine (>= 0.12.6)
      rack (>= 1.0.0)
    tilt (1.3.3)
    vcr (2.2.2)

PLATFORMS
  ruby

DEPENDENCIES
  cobregratis (= 0.3.0)
  fakeweb (= 1.3.0)
  heroku (= 2.28.7)
  rack-test (= 0.6.1)
  rspec (= 2.10.0)
  shotgun (= 0.9)
  sinatra (= 1.3.2)
  thin (= 1.3.1)
  vcr (= 2.2.2)
